GEM
  remote: https://rubygems.org/
  specs:
    aasm (4.12.3)
      concurrent-ruby (~> 1.0)
    concurrent-ruby (1.0.5)
    minitest (5.11.3)
    rake (12.3.0)

PLATFORMS
  ruby

DEPENDENCIES
  aasm
  minitest
  rake

RUBY VERSION
   ruby 2.5.0p0

BUNDLED WITH
   1.16.1
